PATH
  remote: .
  specs:
    instrumental_reporters (0.0.1)
      instrumental_agent

GEM
  remote: http://rubygems.org/
  specs:
    instrumental_agent (0.12.5)

PLATFORMS
  ruby

DEPENDENCIES
  instrumental_reporters!
