PATH
  remote: .
  specs:
    instrumental_reporters (0.0.1)
      instrumental_agent

GEM
  remote: http://rubygems.org/
  specs:
    ast (2.3.0)
    instrumental_agent (0.12.5)
    parser (2.4.0.0)
      ast (~> 2.2)
    powerpack (0.1.1)
    rainbow (2.2.1)
    rubocop (0.48.1)
      parser (>= 2.3.3.1, < 3.0)
      powerpack (~> 0.1)
      rainbow (>= 1.99.1, < 3.0)
      ruby-progressbar (~> 1.7)
      unicode-display_width (~> 1.0, >= 1.0.1)
    ruby-progressbar (1.8.1)
    unicode-display_width (1.1.3)

PLATFORMS
  ruby

DEPENDENCIES
  instrumental_reporters!
  rubocop

BUNDLED WITH
   1.14.5
